GEM
<<<<<<< HEAD
  remote: http://rubygems.org/
  specs:
    activemodel (5.1.3)
      activesupport (= 5.1.3)
    activerecord (5.1.3)
      activemodel (= 5.1.3)
      activesupport (= 5.1.3)
      arel (~> 8.0)
    activesupport (5.1.3)
      concurrent-ruby (~> 1.0, >= 1.0.2)
      i18n (~> 0.7)
      minitest (~> 5.1)
      tzinfo (~> 1.1)
    arel (8.0.0)
    bcrypt (3.1.11)
    bond (0.5.1)
    coderay (1.1.1)
    concurrent-ruby (1.0.5)
    daemons (1.2.4)
    eventmachine (1.2.5)
    i18n (0.8.6)
    method_source (0.8.2)
    minitest (5.10.3)
    pry (0.10.4)
      coderay (~> 1.1.0)
      method_source (~> 0.8.1)
      slop (~> 3.4)
    rack (1.6.4)
    rack-protection (1.5.3)
      rack
    rack-test (0.6.3)
      rack (>= 1.0)
    rake (12.0.0)
    require_all (1.4.0)
    ripl (0.7.1)
      bond (~> 0.5.1)
    ripl-multi_line (0.3.1)
      ripl (>= 0.3.6)
    ripl-rack (0.2.1)
      rack (>= 1.0)
      rack-test (~> 0.6.2)
      ripl (>= 0.7.0)
    shotgun (0.9.2)
      rack (>= 1.0)
=======
  remote: https://rubygems.org/
  specs:
    rack (1.6.4)
    rack-protection (1.5.3)
      rack
>>>>>>> 3543f8989eecfc5a2928c29e2a96516bac6755eb
    sinatra (1.4.6)
      rack (~> 1.4)
      rack-protection (~> 1.4)
      tilt (>= 1.3, < 3)
<<<<<<< HEAD
    sinatra-activerecord (2.0.13)
      activerecord (>= 3.2)
      sinatra (>= 1.0)
    slop (3.6.0)
    sqlite3 (1.3.13)
    thin (1.7.2)
      daemons (~> 1.0, >= 1.0.9)
      eventmachine (~> 1.0, >= 1.0.4)
      rack (>= 1, < 3)
    thread_safe (0.3.6)
    tilt (2.0.8)
    tux (0.3.0)
      ripl (>= 0.3.5)
      ripl-multi_line (>= 0.2.4)
      ripl-rack (>= 0.2.0)
      sinatra (>= 1.2.1)
    tzinfo (1.2.3)
      thread_safe (~> 0.1)
=======
    tilt (2.0.8)
>>>>>>> 3543f8989eecfc5a2928c29e2a96516bac6755eb

PLATFORMS
  ruby

DEPENDENCIES
<<<<<<< HEAD
  activerecord
  bcrypt
  pry
  rake
  require_all
  shotgun
  sinatra
  sinatra-activerecord
  sqlite3
  thin
  tux

BUNDLED WITH
   1.15.4
=======
  sinatra

BUNDLED WITH
   1.15.3
>>>>>>> 3543f8989eecfc5a2928c29e2a96516bac6755eb
